GEM
  remote: https://rubygems.org/
  specs:
    bigdecimal (2.0.0)
    coderay (1.1.2)
    colorize (0.8.1)
    crack (0.4.3)
      safe_yaml (~> 1.0.0)
    diff-lcs (1.3)
    faraday (1.0.1)
      multipart-post (>= 1.2, < 3)
    git (1.7.0)
      rchardet (~> 1.8)
    learn-co (4.0.0)
      learn-config (~> 1)
      learn-generate (~> 1)
      learn-hello (~> 1)
      learn-open (~> 1)
      learn-status (~> 1)
      learn-submit (~> 1)
      learn-test (~> 3)
      learn_linter (~> 1)
      netrc (>= 0.11.0)
      thor (>= 0.19.1)
    learn-config (1.0.77)
      learn-web (>= 1.5.0)
      netrc
    learn-generate (1.0.16)
    learn-hello (1.0.1)
      learn-web (>= 1.4.1)
      netrc
    learn-open (1.2.28)
      git
      learn-web (>= 1.5.2)
      netrc
    learn-status (1.0.1)
      colorize
      learn-web (>= 1.2.0)
      netrc
    learn-submit (1.3.1)
      git (~> 1.2)
      learn-web (~> 1.5, >= 1.5.0)
      netrc (~> 0)
    learn-test (3.2.0)
      colorize (~> 0.8.1)
      crack (~> 0.4.3)
      faraday (~> 1.0)
      git (~> 1.7)
      netrc (~> 0.11.0)
      oj (~> 3.10)
      rspec (~> 3.0)
    learn-web (1.5.5)
      faraday (~> 1.0)
      oj (~> 3.10)
    learn_linter (1.7.3)
    method_source (0.9.2)
    multipart-post (2.1.1)
    netrc (0.11.0)
    oj (3.10.12)
      bigdecimal (>= 1.0, < 3)
    pry (0.12.2)
      coderay (~> 1.1.0)
      method_source (~> 0.9.0)
    rchardet (1.8.0)
    rspec (3.8.0)
      rspec-core (~> 3.8.0)
      rspec-expectations (~> 3.8.0)
      rspec-mocks (~> 3.8.0)
    rspec-core (3.8.0)
      rspec-support (~> 3.8.0)
    rspec-expectations (3.8.2)
      diff-lcs (>= 1.2.0, < 2.0)
      rspec-support (~> 3.8.0)
    rspec-mocks (3.8.0)
      diff-lcs (>= 1.2.0, < 2.0)
      rspec-support (~> 3.8.0)
    rspec-support (3.8.0)
    safe_yaml (1.0.5)
    thor (1.0.1)

PLATFORMS
  ruby

DEPENDENCIES
  learn-co
  pry
  rspec

BUNDLED WITH
   2.1.4
